RESTRICTION: >= net45
NUGET
  remote: https://api.nuget.org/v3/index.json
    Castle.Core (4.1)
    CommonServiceLocator (1.3)
    Elasticsearch.Net (5.4)
    FluentAssertions (4.19.2)
    Microsoft.NETCore.Platforms (1.1) - restriction: && (>= net45) (< net452)
    Moq (4.7.49)
      Castle.Core (>= 4.1)
    NETStandard.Library (1.6.1) - restriction: && (>= net45) (< net452)
      Microsoft.NETCore.Platforms (>= 1.1)
      System.Collections (>= 4.3)
      System.Collections.Concurrent (>= 4.3)
      System.Diagnostics.Debug (>= 4.3)
      System.Diagnostics.Tools (>= 4.3)
      System.Diagnostics.Tracing (>= 4.3)
      System.Globalization (>= 4.3)
      System.IO (>= 4.3)
      System.IO.Compression (>= 4.3)
      System.Linq (>= 4.3)
      System.Linq.Expressions (>= 4.3)
      System.Net.Http (>= 4.3)
      System.Net.Primitives (>= 4.3)
      System.ObjectModel (>= 4.3)
      System.Reflection (>= 4.3)
      System.Reflection.Extensions (>= 4.3)
      System.Reflection.Primitives (>= 4.3)
      System.Resources.ResourceManager (>= 4.3)
      System.Runtime (>= 4.3)
      System.Runtime.Extensions (>= 4.3)
      System.Runtime.InteropServices (>= 4.3)
      System.Runtime.InteropServices.RuntimeInformation (>= 4.3)
      System.Runtime.Numerics (>= 4.3)
      System.Text.Encoding (>= 4.3)
      System.Text.Encoding.Extensions (>= 4.3)
      System.Text.RegularExpressions (>= 4.3)
      System.Threading (>= 4.3)
      System.Threading.Tasks (>= 4.3)
      System.Threading.Timer (>= 4.3) - restriction: && (>= net45) (>= netstandard12)
      System.Xml.ReaderWriter (>= 4.3)
      System.Xml.XDocument (>= 4.3)
    Serilog (2.4)
    Serilog.Sinks.ElasticSearch (5.3)
      Elasticsearch.Net (>= 5.4)
      Serilog (>= 2.4)
      Serilog.Sinks.File (>= 3.2)
      Serilog.Sinks.PeriodicBatching (>= 2.1)
      Serilog.Sinks.RollingFile (>= 3.3)
    Serilog.Sinks.File (3.2)
      Serilog (>= 2.3)
    Serilog.Sinks.MSSqlServer (5.0)
      Serilog (>= 2.0)
      Serilog.Sinks.PeriodicBatching (>= 2.0)
    Serilog.Sinks.PeriodicBatching (2.1)
      Serilog (>= 2.0)
    Serilog.Sinks.RollingFile (3.3)
      Serilog.Sinks.File (>= 3.2)
    System.Collections (4.3) - restriction: && (>= net45) (< net452)
    System.Collections.Concurrent (4.3) - restriction: && (>= net45) (< net452)
    System.Diagnostics.Debug (4.3) - restriction: && (>= net45) (< net452)
    System.Diagnostics.Tools (4.3) - restriction: && (>= net45) (< net452)
    System.Diagnostics.Tracing (4.3) - restriction: && (>= net45) (< net452)
    System.Globalization (4.3) - restriction: && (>= net45) (< net452)
    System.IO (4.3) - restriction: && (>= net45) (< net452)
    System.IO.Compression (4.3) - restriction: && (>= net45) (< net452)
    System.Linq (4.3) - restriction: && (>= net45) (< net452)
    System.Linq.Expressions (4.3) - restriction: && (>= net45) (< net452)
    System.Net.Http (4.3.2) - restriction: && (>= net45) (< net452)
    System.Net.Primitives (4.3) - restriction: && (>= net45) (< net452)
    System.ObjectModel (4.3) - restriction: && (>= net45) (< net452)
    System.Reflection (4.3) - restriction: && (>= net45) (< net452)
    System.Reflection.Extensions (4.3) - restriction: && (>= net45) (< net452)
    System.Reflection.Primitives (4.3) - restriction: && (>= net45) (< net452)
    System.Resources.ResourceManager (4.3) - restriction: && (>= net45) (< net452)
    System.Runtime (4.3) - restriction: && (>= net45) (< net452)
    System.Runtime.Extensions (4.3) - restriction: && (>= net45) (< net452)
    System.Runtime.InteropServices (4.3) - restriction: && (>= net45) (< net452)
    System.Runtime.InteropServices.RuntimeInformation (4.3) - restriction: && (>= net45) (< net452)
    System.Runtime.Numerics (4.3) - restriction: && (>= net45) (< net452)
    System.Text.Encoding (4.3) - restriction: && (>= net45) (< net452)
    System.Text.Encoding.Extensions (4.3) - restriction: && (>= net45) (< net452)
    System.Text.RegularExpressions (4.3) - restriction: && (>= net45) (< net452)
    System.Threading (4.3) - restriction: && (>= net45) (< net452)
    System.Threading.Tasks (4.3) - restriction: && (>= net45) (< net452)
    System.Threading.Timer (4.3) - restriction: && (>= net45) (< net452) (>= netstandard12)
    System.Xml.ReaderWriter (4.3) - restriction: && (>= net45) (< net452)
    System.Xml.XDocument (4.3) - restriction: && (>= net45) (< net452)
    Unity (4.0.1)
      CommonServiceLocator (>= 1.3)
    Unity.Interception (4.0.1)
      Unity (>= 4.0.1)
    xunit (2.2)
      xunit.assert (2.2)
      xunit.core (2.2)
    xunit.abstractions (2.0.1)
    xunit.assert (2.2)
      NETStandard.Library (>= 1.6) - restriction: && (>= net45) (< net452)
    xunit.core (2.2)
      xunit.extensibility.core (2.2)
      xunit.extensibility.execution (2.2)
    xunit.extensibility.core (2.2)
      NETStandard.Library (>= 1.6) - restriction: && (>= net45) (< net452)
      xunit.abstractions (>= 2.0.1)
    xunit.extensibility.execution (2.2)
      NETStandard.Library (>= 1.6) - restriction: && (>= net45) (< net452)
      xunit.extensibility.core (2.2)
    xunit.runner.visualstudio (2.2)
